GEM
  remote: http://rubygems.org/
  specs:
    builder (3.0.0)
    cucumber (0.10.2)
      builder (>= 2.1.2)
      diff-lcs (>= 1.1.2)
      gherkin (>= 2.3.5)
      json (>= 1.4.6)
      term-ansicolor (>= 1.0.5)
    diff-lcs (1.1.2)
    facter (1.5.7)
    gherkin (2.3.5)
      json (>= 1.4.6)
    git (1.2.5)
    jeweler (1.5.2)
      bundler (~> 1.0.0)
      git (>= 1.2.5)
      rake
    json (1.5.1)
    puppet (2.6.0)
      facter (>= 1.5.1)
    rake (0.8.7)
    term-ansicolor (1.0.5)
    thor (0.13.4)

PLATFORMS
  ruby

DEPENDENCIES
  cucumber
  jeweler
  puppet
  thor (= 0.13.4)
